GEM
  remote: https://rubygems.org/
  specs:
    aws-eventstream (1.1.1)
    aws-partitions (1.465.0)
    aws-sdk-core (3.114.1)
      aws-eventstream (~> 1, >= 1.0.2)
      aws-partitions (~> 1, >= 1.239.0)
      aws-sigv4 (~> 1.1)
      jmespath (~> 1.0)
    aws-sdk-kms (1.43.0)
      aws-sdk-core (~> 3, >= 3.112.0)
      aws-sigv4 (~> 1.1)
    aws-sdk-s3 (1.96.0)
      aws-sdk-core (~> 3, >= 3.112.0)
      aws-sdk-kms (~> 1)
      aws-sigv4 (~> 1.1)
    aws-sigv4 (1.2.3)
      aws-eventstream (~> 1, >= 1.0.2)
    connection_pool (2.2.2)
    jmespath (1.6.1)
    multi_json (1.13.1)
    mysql2 (0.5.2)
    rake (12.3.3)
    rollbar (2.21.0)
    zeitwerk (2.1.9)

PLATFORMS
  ruby

DEPENDENCIES
  aws-sdk-s3
  connection_pool
  multi_json
  mysql2
  rake
  rollbar
  zeitwerk

BUNDLED WITH
   1.17.3
